GIT
  remote: https://github.com/openaustralia/themes_on_rails
  revision: 4eb4f6201f4eb992e4446ba29bd17219988452d9
  specs:
    themes_on_rails (0.4.0)
      concurrent-ruby
      rails (>= 3.2)

GIT
  remote: https://github.com/thoughtbot/administrate
  revision: a1b06ed1dbdd7ead7481109dd5c493c7307fa908
  branch: main
  specs:
    administrate (0.16.0)
      actionpack (>= 5.0)
      actionview (>= 5.0)
      activerecord (>= 5.0)
      datetime_picker_rails (~> 0.0.7)
      jquery-rails (>= 4.0)
      kaminari (>= 1.0)
      momentjs-rails (~> 2.8)
      sassc-rails (~> 2.1)
      selectize-rails (~> 0.6)

GEM
  remote: https://rubygems.org/
  specs:
    actioncable (6.0.4.1)
      actionpack (= 6.0.4.1)
      nio4r (~> 2.0)
      websocket-driver (>= 0.6.1)
    actionmailbox (6.0.4.1)
      actionpack (= 6.0.4.1)
      activejob (= 6.0.4.1)
      activerecord (= 6.0.4.1)
      activestorage (= 6.0.4.1)
      activesupport (= 6.0.4.1)
      mail (>= 2.7.1)
    actionmailer (6.0.4.1)
      actionpack (= 6.0.4.1)
      actionview (= 6.0.4.1)
      activejob (= 6.0.4.1)
      mail (~> 2.5, >= 2.5.4)
      rails-dom-testing (~> 2.0)
    actionpack (6.0.4.1)
      actionview (= 6.0.4.1)
      activesupport (= 6.0.4.1)
      rack (~> 2.0, >= 2.0.8)
      rack-test (>= 0.6.3)
      rails-dom-testing (~> 2.0)
      rails-html-sanitizer (~> 1.0, >= 1.2.0)
    actionpack-page_caching (1.2.4)
      actionpack (>= 4.0.0)
    actiontext (6.0.4.1)
      actionpack (= 6.0.4.1)
      activerecord (= 6.0.4.1)
      activestorage (= 6.0.4.1)
      activesupport (= 6.0.4.1)
      nokogiri (>= 1.8.5)
    actionview (6.0.4.1)
      activesupport (= 6.0.4.1)
      builder (~> 3.1)
      erubi (~> 1.4)
      rails-dom-testing (~> 2.0)
      rails-html-sanitizer (~> 1.1, >= 1.2.0)
    activeadmin (2.9.0)
      arbre (~> 1.2, >= 1.2.1)
      formtastic (>= 3.1, < 5.0)
      formtastic_i18n (~> 0.4)
      inherited_resources (~> 1.7)
      jquery-rails (~> 4.2)
      kaminari (~> 1.0, >= 1.2.1)
      railties (>= 5.2, < 6.2)
      ransack (~> 2.1, >= 2.1.1)
    activejob (6.0.4.1)
      activesupport (= 6.0.4.1)
      globalid (>= 0.3.6)
    activemodel (6.0.4.1)
      activesupport (= 6.0.4.1)
    activerecord (6.0.4.1)
      activemodel (= 6.0.4.1)
      activesupport (= 6.0.4.1)
    activestorage (6.0.4.1)
      actionpack (= 6.0.4.1)
      activejob (= 6.0.4.1)
      activerecord (= 6.0.4.1)
      marcel (~> 1.0.0)
    activesupport (6.0.4.1)
      concurrent-ruby (~> 1.0, >= 1.0.2)
      i18n (>= 0.7, < 2)
      minitest (~> 5.1)
      tzinfo (~> 1.1)
      zeitwerk (~> 2.2, >= 2.2.2)
    addressable (2.8.0)
      public_suffix (>= 2.0.2, < 5.0)
    arbre (1.4.0)
      activesupport (>= 3.0.0, < 6.2)
      ruby2_keywords (>= 0.0.2, < 1.0)
    ast (2.4.2)
    atdis (0.5.0)
      activemodel
      activesupport
      multi_json (~> 1.7)
      rest-client
      rgeo-geojson
    autoprefixer-rails (10.3.3.0)
      execjs (~> 2)
    axiom-types (0.1.1)
      descendants_tracker (~> 0.0.4)
      ice_nine (~> 0.11.0)
      thread_safe (~> 0.3, >= 0.3.1)
    bcrypt (3.1.16)
    better_errors (2.9.1)
      coderay (>= 1.0.0)
      erubi (>= 1.0.0)
      rack (>= 0.9.0)
    binding_of_caller (1.0.0)
      debug_inspector (>= 0.0.1)
    bootsnap (1.9.0)
      msgpack (~> 1.0)
    bootstrap_form (4.5.0)
      actionpack (>= 5.2)
      activemodel (>= 5.2)
    bourbon (4.3.4)
      sass (~> 3.4)
      thor (~> 0.19)
    brakeman (5.1.1)
    buftok (0.2.0)
    builder (3.2.4)
    cancan (1.6.10)
    capistrano (2.15.9)
      highline
      net-scp (>= 1.0.0)
      net-sftp (>= 2.0.0)
      net-ssh (>= 2.0.14)
      net-ssh-gateway (>= 1.1.0)
    capybara (3.35.3)
      addressable
      mini_mime (>= 0.1.3)
      nokogiri (~> 1.8)
      rack (>= 1.6.0)
      rack-test (>= 0.6.3)
      regexp_parser (>= 1.5, < 3.0)
      xpath (~> 3.2)
    childprocess (3.0.0)
    chunky_png (1.4.0)
    climate_control (1.0.1)
    coderay (1.1.3)
    coercible (1.0.0)
      descendants_tracker (~> 0.0.1)
    commander (4.6.0)
      highline (~> 2.0.0)
    compass (1.0.3)
      chunky_png (~> 1.2)
      compass-core (~> 1.0.2)
      compass-import-once (~> 1.0.5)
      rb-fsevent (>= 0.9.3)
      rb-inotify (>= 0.9)
      sass (>= 3.3.13, < 3.5)
    compass-blueprint (1.0.0)
      compass
    compass-core (1.0.3)
      multi_json (~> 1.0)
      sass (>= 3.3.0, < 3.5)
    compass-import-once (1.0.5)
      sass (>= 3.2, < 3.5)
    compass-rails (3.1.0)
      compass (~> 1.0.0)
      sass-rails (< 5.1)
      sprockets (< 4.0)
    concurrent-ruby (1.1.9)
    connection_pool (2.2.5)
    counter_culture (2.9.0)
      activerecord (>= 4.2)
      activesupport (>= 4.2)
    crack (0.4.5)
      rexml
    crass (1.0.6)
    daemons (1.4.1)
    dalli (2.7.11)
    datetime_picker_rails (0.0.7)
      momentjs-rails (>= 2.8.1)
    debug_inspector (1.1.0)
    descendants_tracker (0.0.4)
      thread_safe (~> 0.3, >= 0.3.1)
    devise (4.8.0)
      bcrypt (~> 3.0)
      orm_adapter (~> 0.1)
      railties (>= 4.1.0)
      responders
      warden (~> 1.2.3)
    diff-lcs (1.4.4)
    docile (1.4.0)
    domain_name (0.5.20190701)
      unf (>= 0.0.5, < 1.0.0)
    dotenv (2.7.6)
    dotenv-rails (2.7.6)
      dotenv (= 2.7.6)
      railties (>= 3.2)
    elasticsearch (7.14.1)
      elasticsearch-api (= 7.14.1)
      elasticsearch-transport (= 7.14.1)
    elasticsearch-api (7.14.1)
      multi_json
    elasticsearch-transport (7.14.1)
      faraday (~> 1)
      multi_json
    em-websocket (0.5.2)
      eventmachine (>= 0.12.9)
      http_parser.rb (~> 0.6.0)
    email_spec (2.2.0)
      htmlentities (~> 4.3.3)
      launchy (~> 2.1)
      mail (~> 2.7)
    equalizer (0.0.11)
    erubi (1.10.0)
    ethon (0.14.0)
      ffi (>= 1.15.0)
    eventmachine (1.2.7)
    execjs (2.8.1)
    factory_bot (6.2.0)
      activesupport (>= 5.0.0)
    factory_bot_rails (6.2.0)
      factory_bot (~> 6.2.0)
      railties (>= 5.0.0)
    faraday (1.8.0)
      faraday-em_http (~> 1.0)
      faraday-em_synchrony (~> 1.0)
      faraday-excon (~> 1.1)
      faraday-httpclient (~> 1.0.1)
      faraday-net_http (~> 1.0)
      faraday-net_http_persistent (~> 1.1)
      faraday-patron (~> 1.0)
      faraday-rack (~> 1.0)
      multipart-post (>= 1.2, < 3)
      ruby2_keywords (>= 0.0.4)
    faraday-em_http (1.0.0)
    faraday-em_synchrony (1.0.0)
    faraday-excon (1.1.0)
    faraday-httpclient (1.0.1)
    faraday-net_http (1.0.1)
    faraday-net_http_persistent (1.2.0)
    faraday-patron (1.0.0)
    faraday-rack (1.0.0)
    ffi (1.15.4)
    ffi-compiler (1.0.1)
      ffi (>= 1.0.0)
      rake
    foreman (0.87.2)
    formatador (0.3.0)
    formtastic (4.0.0)
      actionpack (>= 5.2.0)
    formtastic_i18n (0.7.0)
    foundation-icons-sass-rails (3.0.0)
      railties (>= 3.1.1)
      sass-rails (>= 3.1.1)
    geocoder (1.6.7)
    geokit (1.13.1)
    globalid (0.5.2)
      activesupport (>= 5.0)
    growl (1.0.3)
    guard (2.18.0)
      formatador (>= 0.2.4)
      listen (>= 2.7, < 4.0)
      lumberjack (>= 1.0.12, < 2.0)
      nenv (~> 0.1)
      notiffany (~> 0.0)
      pry (>= 0.13.0)
      shellany (~> 0.0)
      thor (>= 0.18.1)
    guard-compat (1.2.1)
    guard-livereload (2.5.2)
      em-websocket (~> 0.5)
      guard (~> 2.8)
      guard-compat (~> 1.0)
      multi_json (~> 1.8)
    guard-rspec (4.7.3)
      guard (~> 2.1)
      guard-compat (~> 1.1)
      rspec (>= 2.99.0, < 4.0)
    guard-rubocop (1.5.0)
      guard (~> 2.0)
      rubocop (< 2.0)
    haml (5.2.2)
      temple (>= 0.8.0)
      tilt
    haml_lint (0.37.1)
      haml (>= 4.0, < 5.3)
      parallel (~> 1.10)
      rainbow
      rubocop (>= 0.50.0)
      sysexits (~> 1.1)
    has_scope (0.8.0)
      actionpack (>= 5.2)
      activesupport (>= 5.2)
    hashdiff (1.0.1)
    hashie (4.1.0)
    health_check (3.1.0)
      railties (>= 5.0)
    highline (2.0.3)
    honeybadger (4.9.0)
    htmlentities (4.3.4)
    http (4.4.1)
      addressable (~> 2.3)
      http-cookie (~> 1.0)
      http-form_data (~> 2.2)
      http-parser (~> 1.2.0)
    http-accept (1.7.0)
    http-cookie (1.0.4)
      domain_name (~> 0.5)
    http-form_data (2.3.0)
    http-parser (1.2.3)
      ffi-compiler (>= 1.0, < 2.0)
    http_parser.rb (0.6.0)
    httparty (0.19.0)
      mime-types (~> 3.0)
      multi_xml (>= 0.5.2)
    i18n (1.8.10)
      concurrent-ruby (~> 1.0)
    ice_nine (0.11.2)
    inherited_resources (1.13.0)
      actionpack (>= 5.2, < 6.2)
      has_scope (~> 0.6)
      railties (>= 5.2, < 6.2)
      responders (>= 2, < 4)
    jbuilder (2.11.2)
      activesupport (>= 5.0.0)
    jquery-rails (4.4.0)
      rails-dom-testing (>= 1, < 3)
      railties (>= 4.2.0)
      thor (>= 0.14, < 2.0)
    jquery-ui-rails (6.0.1)
      railties (>= 3.2.16)
    json (2.5.1)
    kaminari (1.2.1)
      activesupport (>= 4.1.0)
      kaminari-actionview (= 1.2.1)
      kaminari-activerecord (= 1.2.1)
      kaminari-core (= 1.2.1)
    kaminari-actionview (1.2.1)
      actionview
      kaminari-core (= 1.2.1)
    kaminari-activerecord (1.2.1)
      activerecord
      kaminari-core (= 1.2.1)
    kaminari-core (1.2.1)
    launchy (2.5.0)
      addressable (~> 2.7)
    libv8-node (15.14.0.1)
    listen (3.7.0)
      rb-fsevent (~> 0.10, >= 0.10.3)
      rb-inotify (~> 0.9, >= 0.9.10)
    loofah (2.12.0)
      crass (~> 1.0.2)
      nokogiri (>= 1.5.9)
    lumberjack (1.2.8)
    mail (2.7.1)
      mini_mime (>= 0.1.1)
    marcel (1.0.1)
    memoizable (0.4.2)
      thread_safe (~> 0.3, >= 0.3.1)
    method_source (1.0.0)
    mime-types (3.3.1)
      mime-types-data (~> 3.2015)
    mime-types-data (3.2021.0901)
    mini_mime (1.1.1)
    mini_portile2 (2.6.1)
    mini_racer (0.4.0)
      libv8-node (~> 15.14.0.0)
    minitest (5.14.4)
    momentjs-rails (2.20.1)
      railties (>= 3.1)
    msgpack (1.4.2)
    multi_json (1.15.0)
    multi_xml (0.6.0)
    multipart-post (2.1.1)
    mysql2 (0.5.3)
    naught (1.1.0)
    nenv (0.3.0)
    net-scp (3.0.0)
      net-ssh (>= 2.6.5, < 7.0.0)
    net-sftp (3.0.0)
      net-ssh (>= 5.0.0, < 7.0.0)
    net-ssh (6.1.0)
    net-ssh-gateway (2.0.0)
      net-ssh (>= 4.0.0)
    netrc (0.11.0)
    newrelic_rpm (7.2.0)
    nio4r (2.5.8)
    nokogiri (1.12.5)
      mini_portile2 (~> 2.6.1)
      racc (~> 1.4)
    notiffany (0.1.3)
      nenv (~> 0.1)
      shellany (~> 0.0)
    octokit (4.21.0)
      faraday (>= 0.9)
      sawyer (~> 0.8.0, >= 0.5.3)
    oj (3.13.7)
    orm_adapter (0.5.0)
    parallel (1.21.0)
    parlour (6.0.1)
      commander (~> 4.5)
      parser
      rainbow (~> 3.0)
      sorbet-runtime (>= 0.5)
    parser (3.0.2.0)
      ast (~> 2.4.1)
    polyamorous (2.3.2)
      activerecord (>= 5.2.1)
    polyfill (1.9.0)
    pry (0.14.1)
      coderay (~> 1.1)
      method_source (~> 1.0)
    public_suffix (4.0.6)
    pundit (2.1.1)
      activesupport (>= 3.0.0)
    rabl (0.14.0)
      activesupport (>= 2.3.14)
    racc (1.5.2)
    rack (2.2.3)
    rack-cors (1.1.1)
      rack (>= 2.0.0)
    rack-livereload (0.3.17)
      rack
    rack-mini-profiler (2.3.3)
      rack (>= 1.2.0)
    rack-test (1.1.0)
      rack (>= 1.0, < 3)
    rack-throttle (0.7.0)
      bundler (>= 1.0.0)
      rack (>= 1.0.0)
    rails (6.0.4.1)
      actioncable (= 6.0.4.1)
      actionmailbox (= 6.0.4.1)
      actionmailer (= 6.0.4.1)
      actionpack (= 6.0.4.1)
      actiontext (= 6.0.4.1)
      actionview (= 6.0.4.1)
      activejob (= 6.0.4.1)
      activemodel (= 6.0.4.1)
      activerecord (= 6.0.4.1)
      activestorage (= 6.0.4.1)
      activesupport (= 6.0.4.1)
      bundler (>= 1.3.0)
      railties (= 6.0.4.1)
      sprockets-rails (>= 2.0.0)
    rails-controller-testing (1.0.5)
      actionpack (>= 5.0.1.rc1)
      actionview (>= 5.0.1.rc1)
      activesupport (>= 5.0.1.rc1)
    rails-dom-testing (2.0.3)
      activesupport (>= 4.2.0)
      nokogiri (>= 1.6)
    rails-html-sanitizer (1.4.2)
      loofah (~> 2.3)
    rails-observers (0.1.5)
      activemodel (>= 4.0)
    rails_autolink (1.1.6)
      rails (> 3.1)
    railties (6.0.4.1)
      actionpack (= 6.0.4.1)
      activesupport (= 6.0.4.1)
      method_source
      rake (>= 0.8.7)
      thor (>= 0.20.3, < 2.0)
    rainbow (3.0.0)
    rake (13.0.6)
    ransack (2.3.2)
      activerecord (>= 5.2.1)
      activesupport (>= 5.2.1)
      i18n
      polyamorous (= 2.3.2)
    rb-fsevent (0.11.0)
    rb-inotify (0.10.1)
      ffi (~> 1.0)
    recaptcha (5.8.1)
      json
    redis (4.4.0)
    redis-namespace (1.8.1)
      redis (>= 3.0.4)
    regexp_parser (2.1.1)
    responders (3.0.1)
      actionpack (>= 5.0)
      railties (>= 5.0)
    rest-client (2.1.0)
      http-accept (>= 1.7.0, < 2.0)
      http-cookie (>= 1.0.2, < 2.0)
      mime-types (>= 1.16, < 4.0)
      netrc (~> 0.8)
    rexml (3.2.5)
    rgeo (2.3.0)
    rgeo-geojson (2.1.1)
      rgeo (>= 1.0.0)
    rspec (3.10.0)
      rspec-core (~> 3.10.0)
      rspec-expectations (~> 3.10.0)
      rspec-mocks (~> 3.10.0)
    rspec-activemodel-mocks (1.1.0)
      activemodel (>= 3.0)
      activesupport (>= 3.0)
      rspec-mocks (>= 2.99, < 4.0)
    rspec-core (3.10.1)
      rspec-support (~> 3.10.0)
    rspec-expectations (3.10.1)
      diff-lcs (>= 1.2.0, < 2.0)
      rspec-support (~> 3.10.0)
    rspec-mocks (3.10.2)
      diff-lcs (>= 1.2.0, < 2.0)
      rspec-support (~> 3.10.0)
    rspec-rails (4.1.2)
      actionpack (>= 4.2)
      activesupport (>= 4.2)
      railties (>= 4.2)
      rspec-core (~> 3.10)
      rspec-expectations (~> 3.10)
      rspec-mocks (~> 3.10)
      rspec-support (~> 3.10)
    rspec-support (3.10.2)
    rubocop (0.87.0)
      parallel (~> 1.10)
      parser (>= 2.7.1.1)
      rainbow (>= 2.2.2, < 4.0)
      regexp_parser (>= 1.7)
      rexml
      rubocop-ast (>= 0.1.0, < 1.0)
      ruby-progressbar (~> 1.7)
      unicode-display_width (>= 1.4.0, < 2.0)
    rubocop-ast (0.8.0)
      parser (>= 2.7.1.5)
    rubocop-rails (2.8.1)
      activesupport (>= 4.2.0)
      rack (>= 1.1)
      rubocop (>= 0.87.0)
    rubocop-sorbet (0.6.2)
      rubocop
    ruby-progressbar (1.11.0)
    ruby2_keywords (0.0.5)
    rubyzip (2.3.2)
    safe_type (1.1.1)
    sanitize (6.0.0)
      crass (~> 1.0.2)
      nokogiri (>= 1.12.0)
    sass (3.4.25)
    sass-rails (5.0.8)
      railties (>= 5.2.0)
      sass (~> 3.1)
      sprockets (>= 2.8, < 4.0)
      sprockets-rails (>= 2.0, < 4.0)
      tilt (>= 1.1, < 3)
    sassc (2.4.0)
      ffi (~> 1.9)
    sassc-rails (2.1.2)
      railties (>= 4.0.0)
      sassc (>= 2.0)
      sprockets (> 3.0)
      sprockets-rails
      tilt
    sawyer (0.8.2)
      addressable (>= 2.3.5)
      faraday (> 0.8, < 2.0)
    searchkick (4.5.2)
      activemodel (>= 5)
      elasticsearch (>= 6)
      hashie
    selectize-rails (0.12.6)
    selenium-webdriver (3.142.7)
      childprocess (>= 0.5, < 4.0)
      rubyzip (>= 1.2.2)
    shellany (0.0.1)
    sidekiq (6.2.2)
      connection_pool (>= 2.2.2)
      rack (~> 2.0)
      redis (>= 4.2.0)
    simple_oauth (0.3.1)
    simplecov (0.21.2)
      docile (~> 1.1)
      simplecov-html (~> 0.11)
      simplecov_json_formatter (~> 0.1)
    simplecov-html (0.12.3)
    simplecov_json_formatter (0.1.3)
    slack-notifier (2.4.0)
    sorbet (0.5.6465)
      sorbet-static (= 0.5.6465)
    sorbet-coerce (0.5.0)
      polyfill (~> 1.8)
      safe_type (~> 1.1, >= 1.1.1)
      sorbet-runtime (>= 0.4.4704)
    sorbet-rails (0.7.4)
      method_source (>= 0.9.2)
      parlour (>= 4.0.1)
      parser (>= 2.7)
      sorbet-coerce (>= 0.2.6)
      sorbet-runtime (>= 0.5)
    sorbet-runtime (0.5.6465)
    sorbet-static (0.5.6465-universal-darwin-14)
    spring (3.0.0)
    spring-commands-rspec (1.0.4)
      spring (>= 0.9.1)
    sprockets (3.7.2)
      concurrent-ruby (~> 1.0)
      rack (> 1, < 3)
    sprockets-rails (3.2.2)
      actionpack (>= 4.0)
      activesupport (>= 4.0)
      sprockets (>= 3.0.0)
    susy (2.2.14)
      sass (>= 3.3.0, < 3.5)
    sysexits (1.2.0)
    temple (0.8.2)
    thin (1.8.1)
      daemons (~> 1.0, >= 1.0.9)
      eventmachine (~> 1.0, >= 1.0.4)
      rack (>= 1, < 3)
    thor (0.20.3)
    thread_safe (0.3.6)
    tilt (2.0.10)
    timecop (0.9.4)
    twitter (7.0.0)
      addressable (~> 2.3)
      buftok (~> 0.2.0)
      equalizer (~> 0.0.11)
      http (~> 4.0)
      http-form_data (~> 2.0)
      http_parser.rb (~> 0.6.0)
      memoizable (~> 0.4.0)
      multipart-post (~> 2.0)
      naught (~> 1.0)
      simple_oauth (~> 0.3.0)
    typhoeus (1.4.0)
      ethon (>= 0.9.0)
    tzinfo (1.2.9)
      thread_safe (~> 0.1)
    uglifier (4.2.0)
      execjs (>= 0.3.0, < 3)
    unf (0.1.4)
      unf_ext
    unf_ext (0.0.8)
    unicode-display_width (1.8.0)
    validate_url (0.2.2)
      activemodel (>= 3.0.0)
      addressable
    validates_email_format_of (1.6.3)
      i18n
    vcr (6.0.0)
    virtus (2.0.0)
      axiom-types (~> 0.1)
      coercible (~> 1.0)
      descendants_tracker (~> 0.0, >= 0.0.3)
    warden (1.2.9)
      rack (>= 2.0.9)
    webdrivers (4.6.1)
      nokogiri (~> 1.6)
      rubyzip (>= 1.3.0)
      selenium-webdriver (>= 3.0, < 4.0)
    webmock (3.14.0)
      addressable (>= 2.8.0)
      crack (>= 0.3.2)
      hashdiff (>= 0.4.0, < 2.0.0)
    websocket-driver (0.7.5)
      websocket-extensions (>= 0.1.0)
    websocket-extensions (0.1.5)
    will_paginate (3.3.1)
    xpath (3.2.0)
      nokogiri (~> 1.8)
    zeitwerk (2.4.2)

PLATFORMS
  ruby

DEPENDENCIES
  actionpack-page_caching
  activeadmin
  administrate!
  atdis
  autoprefixer-rails
  better_errors
  binding_of_caller
  bootsnap
  bootstrap_form (>= 4.1.0)
  bourbon (~> 4.0)
  brakeman
  cancan
  capistrano (~> 2)
  capybara
  climate_control
  compass-blueprint
  compass-rails (= 3.1.0)
  counter_culture
  dalli
  devise (~> 4.2)
  dotenv-rails
  elasticsearch
  email_spec
  factory_bot
  factory_bot_rails
  foreman
  formtastic
  foundation-icons-sass-rails
  geocoder
  geokit
  growl
  guard
  guard-livereload
  guard-rspec
  guard-rubocop
  haml
  haml_lint
  health_check
  honeybadger
  httparty
  jbuilder
  jquery-rails
  jquery-ui-rails
  mini_racer
  mysql2
  newrelic_rpm
  nokogiri
  octokit (~> 4.0)
  oj
  pundit
  rabl (= 0.14.0)
  rack-cors
  rack-livereload
  rack-mini-profiler
  rack-throttle
  rails (= 6.0.4.1)
  rails-controller-testing
  rails-observers
  rails_autolink
  rake
  ransack (= 2.3.2)
  rb-fsevent
  rb-inotify
  recaptcha
  redis-namespace
  rest-client
  rspec-activemodel-mocks
  rspec-rails (~> 4)
  rubocop (= 0.87.0)
  rubocop-rails
  rubocop-sorbet
  ruby-progressbar
  sanitize
  sass-rails
  searchkick
  selenium-webdriver
  sidekiq
  simplecov
  slack-notifier
  sorbet (= 0.5.6465)
  sorbet-rails
  sorbet-runtime (= 0.5.6465)
  spring
  spring-commands-rspec
  susy
  themes_on_rails!
  thin
  timecop
  twitter
  typhoeus
  uglifier
  validate_url (~> 0.2.2)
  validates_email_format_of (~> 1.6, >= 1.6.3)
  vcr
  virtus
  webdrivers (~> 4.0)
  webmock
  will_paginate

BUNDLED WITH
   1.17.3
